PATH
  remote: .
  specs:
    sentry_jets (0.1.0)
      sentry-raven

GEM
  remote: https://rubygems.org/
  specs:
    diff-lcs (1.3)
    faraday (0.15.3)
      multipart-post (>= 1.2, < 3)
    multipart-post (2.0.0)
    rake (10.5.0)
    rspec (3.8.0)
      rspec-core (~> 3.8.0)
      rspec-expectations (~> 3.8.0)
      rspec-mocks (~> 3.8.0)
    rspec-core (3.8.0)
      rspec-support (~> 3.8.0)
    rspec-expectations (3.8.2)
      diff-lcs (>= 1.2.0, < 2.0)
      rspec-support (~> 3.8.0)
    rspec-mocks (3.8.0)
      diff-lcs (>= 1.2.0, < 2.0)
      rspec-support (~> 3.8.0)
    rspec-support (3.8.0)
    sentry-raven (2.7.4)
      faraday (>= 0.7.6, < 1.0)

PLATFORMS
  ruby

DEPENDENCIES
  bundler (~> 1.16)
  rake (~> 10.0)
  rspec (~> 3.0)
  sentry_jets!

BUNDLED WITH
   1.16.3
