PATH
  remote: .
  specs:
    sentry-jets (0.4.2)
      sentry-ruby

GEM
  remote: https://rubygems.org/
  specs:
    concurrent-ruby (1.2.2)
    diff-lcs (1.5.0)
    rake (13.0.6)
    rspec (3.12.0)
      rspec-core (~> 3.12.0)
      rspec-expectations (~> 3.12.0)
      rspec-mocks (~> 3.12.0)
    rspec-core (3.12.2)
      rspec-support (~> 3.12.0)
    rspec-expectations (3.12.3)
      diff-lcs (>= 1.2.0, < 2.0)
      rspec-support (~> 3.12.0)
    rspec-mocks (3.12.6)
      diff-lcs (>= 1.2.0, < 2.0)
      rspec-support (~> 3.12.0)
    rspec-support (3.12.1)
    sentry-ruby (5.12.0)
      concurrent-ruby (~> 1.0, >= 1.0.2)

PLATFORMS
  arm64-darwin-21

DEPENDENCIES
  bundler (~> 2.4.20)
  rake (~> 13.0)
  rspec (~> 3.4)
  sentry-jets!

BUNDLED WITH
   2.4.20
